GEM
  remote: http://rubygems.org/
  specs:
    addressable (2.5.0)
      public_suffix (~> 2.0, >= 2.0.2)
    bacon (1.2.0)
    bson (3.2.6)
    builder (3.2.3)
    certified (1.0.0)
    cookiejar (0.3.3)
    cucumber (2.4.0)
      builder (>= 2.1.2)
      cucumber-core (~> 1.5.0)
      cucumber-wire (~> 0.0.1)
      diff-lcs (>= 1.1.3)
      gherkin (~> 4.0)
      multi_json (>= 1.7.5, < 2.0)
      multi_test (>= 0.1.2)
    cucumber-core (1.5.0)
      gherkin (~> 4.0)
    cucumber-wire (0.0.1)
    diff-lcs (1.3)
    domain_name (0.5.20161129)
      unf (>= 0.0.5, < 1.0.0)
    elasticsearch (5.0.3)
      elasticsearch-api (= 5.0.3)
      elasticsearch-transport (= 5.0.3)
    elasticsearch-api (5.0.3)
      multi_json
    elasticsearch-transport (5.0.3)
      faraday
      multi_json
    em-http-request (1.1.2)
      addressable (>= 2.3.4)
      cookiejar
      em-socksify (>= 0.3)
      eventmachine (>= 1.0.3)
      http_parser.rb (>= 0.6.0)
    em-socksify (0.3.1)
      eventmachine (>= 1.0.0.beta.4)
    em-spec (0.2.6)
      bacon
      eventmachine
      rspec (> 2.6.0)
      test-unit
    eventmachine (1.0.8)
    faker (1.7.3)
      i18n (~> 0.5)
    faraday (0.11.0)
      multipart-post (>= 1.2, < 3)
    faye-websocket (0.9.2)
      eventmachine (>= 0.12.0)
      websocket-driver (>= 0.5.1)
    ffi (1.9.17-x86-mingw32)
    gherkin (4.0.0)
    http-cookie (1.0.3)
      domain_name (~> 0.5)
    http_parser.rb (0.6.0)
    i18n (0.8.0)
    json (2.0.3)
    macaddr (1.7.1)
      systemu (~> 2.6.2)
    mime-types (2.99.3)
    mongo (2.0.6)
      bson (~> 3.0)
    multi_json (1.12.1)
    multi_test (0.1.2)
    multipart-post (2.0.0)
    net-scp (1.2.1)
      net-ssh (>= 2.6.5)
    net-ssh (2.9.3.beta1)
    netrc (0.11.0)
    parallel (1.10.0)
    power_assert (1.0.1)
    public_suffix (2.0.5)
    rake (10.3.2)
    rest-client (1.8.0-x86-mingw32)
      ffi (~> 1.9)
      http-cookie (>= 1.0.2, < 2.0)
      mime-types (>= 1.16, < 3.0)
      netrc (~> 0.7)
    rspec (3.4.0)
      rspec-core (~> 3.4.0)
      rspec-expectations (~> 3.4.0)
      rspec-mocks (~> 3.4.0)
    rspec-core (3.4.4)
      rspec-support (~> 3.4.0)
    rspec-expectations (3.4.0)
      diff-lcs (>= 1.2.0, < 2.0)
      rspec-support (~> 3.4.0)
    rspec-mocks (3.4.1)
      diff-lcs (>= 1.2.0, < 2.0)
      rspec-support (~> 3.4.0)
    rspec-support (3.4.1)
    rspec_junit_formatter (0.2.0)
      builder (< 4)
      rspec (>= 2, < 4)
      rspec-core (!= 2.12.0)
    systemu (2.6.5)
    test-unit (3.2.3)
      power_assert
    unf (0.1.4)
      unf_ext
    unf_ext (0.0.7.2-x86-mingw32)
    uuid (2.3.8)
      macaddr (~> 1.0)
    websocket-driver (0.6.5)
      websocket-extensions (>= 0.1.0)
    websocket-extensions (0.1.2)

PLATFORMS
  x86-mingw32

DEPENDENCIES
  certified (= 1.0.0)
  cucumber
  elasticsearch
  em-http-request (= 1.1.2)
  em-spec (= 0.2.6)
  eventmachine (= 1.0.8)
  faker
  faye-websocket (= 0.9.2)
  json
  mongo (~> 2.0.6)
  net-scp (= 1.2.1)
  net-ssh (= 2.9.3.beta1)
  parallel
  rake (~> 10.3.2)
  rest-client (= 1.8.0)
  rspec (~> 3.4.0)
  rspec_junit_formatter (= 0.2.0)
  uuid
